GEM
  remote: https://rubygems.org/
  specs:
    materialize-sass (0.96.2)
      sass (~> 3.3)
    sass (3.4.24)

PLATFORMS
  x86-mingw32

DEPENDENCIES
  materialize-sass (~> 0.96.1)
  sass

BUNDLED WITH
   1.15.1
